PATH
  remote: .
  specs:
    jira4r (0.5.0)
      rubyjedi-soap4r

GEM
  remote: http://rubygems.org/
  specs:
    bouncy-castle-java (1.5.0145.2)
    httpclient (2.1.5.2)
    jruby-openssl (0.7.3)
      bouncy-castle-java
    rake (0.8.7)
    rubyjedi-soap4r (1.5.8.20100619003610)
      httpclient (~> 2.1.5.2)
    shoulda (2.11.3)
    thoughtbot-shoulda (2.11.1)

PLATFORMS
  java
  ruby

DEPENDENCIES
  jira4r!
  jruby-openssl
  rake
  rubyjedi-soap4r
  shoulda
  thoughtbot-shoulda
